PATH
  remote: .
  specs:
    cloud_crawler (0.1)
      active_support (~> 3.0.0)
      bloomfilter-rb (>= 2.1.1)
      hiredis (~> 0.4.5)
      nokogiri (>= 1.5.6)
      qless (>= 0.9.2)
      redis (>= 3.0.3)
      redis-namespace (>= 1.2.1)
      robotex (>= 1.0.0)
      sourcify (>= 0.6.0.rc3)
      webrick (~> 1.3.1)

GEM
  remote: http://rubygems.org/
  specs:
    active_support (3.0.0)
      activesupport (= 3.0.0)
    activesupport (3.0.0)
    bloomfilter-rb (2.1.1)
      redis
    bson_ext (1.4.0)
    diff-lcs (1.1.3)
    fakeweb (1.3.0)
    file-tail (1.0.12)
      tins (~> 0.5)
    hiredis (0.4.5)
    i18n (0.6.4)
    nokogiri (1.5.7)
    qless (0.9.2)
      redis (>= 3.0.0)
      sinatra (>= 1.3.2)
      vegas (>= 0.1.11)
    rack (1.5.2)
    rack-protection (1.4.0)
      rack
    rake (10.0.3)
    redis (3.0.3)
    redis-namespace (1.2.1)
      redis (~> 3.0.0)
    robotex (1.0.0)
    rspec (2.12.0)
      rspec-core (~> 2.12.0)
      rspec-expectations (~> 2.12.0)
      rspec-mocks (~> 2.12.0)
    rspec-core (2.12.2)
    rspec-expectations (2.12.1)
      diff-lcs (~> 1.1.3)
    rspec-mocks (2.12.1)
    ruby2ruby (1.3.1)
      ruby_parser (~> 2.0)
      sexp_processor (~> 3.0)
    ruby_parser (2.3.1)
      sexp_processor (~> 3.0)
    sexp_processor (3.2.0)
    sinatra (1.3.5)
      rack (~> 1.4)
      rack-protection (~> 1.3)
      tilt (~> 1.3, >= 1.3.3)
    sourcify (0.6.0.rc3)
      file-tail (~> 1.0.10)
      ruby2ruby (~> 1.3.1)
      ruby_parser (~> 2.3.1)
      sexp_processor (~> 3.2.0)
    tilt (1.3.4)
    tins (0.7.2)
    vegas (0.1.11)
      rack (>= 1.0.0)
    webrick (1.3.1)

PLATFORMS
  ruby

DEPENDENCIES
  bson_ext (>= 1.3.1)
  cloud_crawler!
  fakeweb (>= 1.3.0)
  i18n (>= 0.6.4)
  rake (>= 10.0.0)
  rspec (>= 2.12.0)
