PATH
  remote: .
  specs:
    cloud_crawler (0.1)
      nokogiri (>= 1.3.0)
      robotex (>= 1.0.0)

GEM
  remote: http://rubygems.org/
  specs:
    bloomfilter-rb (2.1.1)
      redis
    bson_ext (1.4.0)
    diff-lcs (1.1.3)
    fakeweb (1.3.0)
    nokogiri (1.5.5)
    rake (0.9.2)
    redis (3.0.1)
    redis-namespace (1.2.1)
      redis (~> 3.0.0)
    robotex (1.0.0)
    rspec (2.12.0)
      rspec-core (~> 2.12.0)
      rspec-expectations (~> 2.12.0)
      rspec-mocks (~> 2.12.0)
    rspec-core (2.12.2)
    rspec-expectations (2.12.1)
      diff-lcs (~> 1.1.3)
    rspec-mocks (2.12.1)

PLATFORMS
  ruby

DEPENDENCIES
  bloomfilter-rb (>= 2.1.1)
  bson_ext (>= 1.3.1)
  cloud_crawler!
  fakeweb (>= 1.3.0)
  rake (>= 0.9.2)
  redis (>= 2.2.0)
  redis-namespace (>= 1.2.1)
  rspec (>= 2.12.0)
